PATH
  remote: .
  specs:
    money (5.0.0)
      i18n (~> 0.6.0)
      multi_json (~> 1.3.5)

GEM
  remote: http://rubygems.org/
  specs:
    diff-lcs (1.1.3)
    ffi (1.0.11)
    guard (1.0.3)
      ffi (>= 0.5.0)
      thor (>= 0.14.6)
    guard-rspec (0.7.2)
      guard (>= 0.10.0)
    guard-spork (0.8.0)
      guard (>= 0.10.0)
      spork (>= 0.8.4)
    i18n (0.6.0)
    multi_json (1.3.5)
    rake (0.9.2.2)
    redcarpet (2.1.1)
    rspec (2.10.0)
      rspec-core (~> 2.10.0)
      rspec-expectations (~> 2.10.0)
      rspec-mocks (~> 2.10.0)
    rspec-core (2.10.0)
    rspec-expectations (2.10.0)
      diff-lcs (~> 1.1.3)
    rspec-mocks (2.10.1)
    spork (0.9.1)
    thor (0.15.2)
    yard (0.8.1)

PLATFORMS
  ruby

DEPENDENCIES
  guard (~> 1.0.2)
  guard-rspec (~> 0.7.2)
  guard-spork (~> 0.8.0)
  money!
  rake
  redcarpet (~> 2.1.1)
  rspec (~> 2.10.0)
  spork (~> 0.9.0)
  yard (~> 0.8.1)
