PATH
  remote: .
  specs:
    money (5.0.0)
      i18n (~> 0.6.0)
      multi_json (~> 1.3.6)

GEM
  remote: http://rubygems.org/
  specs:
    diff-lcs (1.1.3)
    ffi (1.0.11)
    guard (1.1.1)
      listen (>= 0.4.2)
      thor (>= 0.14.6)
    guard-rspec (1.0.0)
      guard (>= 1.1)
    guard-spork (1.0.0)
      guard (>= 1.0.0)
      spork (>= 0.8.4)
    i18n (0.6.0)
    listen (0.4.2)
      rb-fchange (~> 0.0.5)
      rb-fsevent (~> 0.9.1)
      rb-inotify (~> 0.8.8)
    multi_json (1.3.6)
    rake (0.9.2.2)
    rb-fchange (0.0.5)
      ffi
    rb-fsevent (0.9.1)
    rb-inotify (0.8.8)
      ffi (>= 0.5.0)
    rspec (2.10.0)
      rspec-core (~> 2.10.0)
      rspec-expectations (~> 2.10.0)
      rspec-mocks (~> 2.10.0)
    rspec-core (2.10.0)
    rspec-expectations (2.10.0)
      diff-lcs (~> 1.1.3)
    rspec-mocks (2.10.1)
    spork (0.9.1)
    thor (0.15.2)
    yard (0.8.1)

PLATFORMS
  ruby

DEPENDENCIES
  guard (~> 1.1.1)
  guard-rspec (~> 1.0.0)
  guard-spork (~> 1.0.0)
  money!
  rake
  rspec (~> 2.10.0)
  spork (~> 0.9.0)
  yard (~> 0.8.1)
